GEM
  remote: https://ruby.taobao.org/
  specs:
    motion-pixatefreestyle (2.1)
      sass
    rake (10.4.2)
    sass (3.4.19)

PLATFORMS
  ruby

DEPENDENCIES
  motion-pixatefreestyle
  rake

BUNDLED WITH
   1.10.6
