GEM
  remote: https://ruby.taobao.org/
  specs:
    CFPropertyList (2.3.2)
    awesome_print (1.6.1)
    builder (3.2.2)
    calabash-common (0.0.2)
    calabash-cucumber (0.9.160)
      CFPropertyList
      awesome_print
      bundler (~> 1.1)
      calabash-common (~> 0.0.1)
      cucumber (~> 1.3.0)
      edn
      httpclient (~> 2.3.3)
      json
      location-one (~> 0.0.10)
      run_loop (~> 0.0.21)
      sim_launcher (= 0.4.6)
      slowhandcuke
      xamarin-test-cloud (~> 0.9.25)
    cucumber (1.3.20)
      builder (>= 2.1.2)
      diff-lcs (>= 1.1.3)
      gherkin (~> 2.12)
      multi_json (>= 1.7.5, < 2.0)
      multi_test (>= 0.1.2)
    diff-lcs (1.2.5)
    edn (1.1.0)
    geocoder (1.2.11)
    gherkin (2.12.2)
      multi_json (~> 1.3)
    httpclient (2.3.4.1)
    json (1.8.3)
    location-one (0.0.10)
      geocoder (~> 1.1)
      httpclient (~> 2.3.3)
      json
    mime-types (1.25.1)
    motion-calabash (0.9.160.1)
      calabash-cucumber (= 0.9.160)
    motion-pixatefreestyle (2.1)
      sass
    multi_json (1.11.2)
    multi_test (0.1.2)
    rack (1.6.4)
    rack-protection (1.5.3)
      rack
    rake (10.4.2)
    rest-client (1.6.9)
      mime-types (~> 1.16)
    retriable (1.3.3.1)
    rubyzip (1.1.7)
    run_loop (0.0.22)
      json
      thor
    sass (3.4.19)
    sim_launcher (0.4.6)
      sinatra
    sinatra (1.4.6)
      rack (~> 1.4)
      rack-protection (~> 1.4)
      tilt (>= 1.3, < 3)
    slowhandcuke (0.0.3)
      cucumber
    thor (0.19.1)
    tilt (2.0.1)
    xamarin-test-cloud (0.9.38)
      bundler (>= 1.3.0, < 2.0)
      json
      mime-types (< 2.0)
      rest-client (~> 1.6.7)
      retriable (~> 1.3.3.1)
      rubyzip (~> 1.1)
      thor (>= 0.18.1)

PLATFORMS
  ruby

DEPENDENCIES
  motion-calabash
  motion-pixatefreestyle
  rake

BUNDLED WITH
   1.10.6
